GEM
  remote: https://rubygems.org/
  specs:
    atomic (1.1.14)
    bloat_check (0.0.5)
      its-it
      key_struct
    childprocess (0.4.0)
      ffi (~> 1.0, >= 1.0.11)
    chronic (0.10.2)
    domain_name (0.5.13)
      unf (>= 0.0.5, < 1.0.0)
    fattr (2.2.1)
    ffi (1.9.3)
    highline (1.6.19)
    http-cookie (1.0.2)
      domain_name (~> 0.5)
    its-it (1.1.1)
    key_struct (0.4.2)
    lingua (0.6.2)
    mechanize (2.7.2)
      domain_name (~> 0.5, >= 0.5.1)
      http-cookie (~> 1.0.0)
      mime-types (~> 1.17, >= 1.17.2)
      net-http-digest_auth (~> 1.1, >= 1.1.1)
      net-http-persistent (~> 2.5, >= 2.5.2)
      nokogiri (~> 1.4)
      ntlm-http (~> 0.1, >= 0.1.1)
      webrobots (>= 0.0.9, < 0.2)
    mime-types (1.25)
    mini_portile (0.5.1)
    multi_json (1.8.4)
    net-http-digest_auth (1.4)
    net-http-persistent (2.9)
    nokogiri (1.6.0)
      mini_portile (~> 0.5.0)
    ntlm-http (0.1.1)
    options (2.3.0)
      fattr
    pg (0.17.0)
    progress_bar (1.0.0)
      highline (~> 1.6.1)
      options (~> 2.3.0)
    rubyzip (1.1.0)
    rufus-scheduler (2.0.24)
      tzinfo (>= 0.3.22)
    selenium-webdriver (2.39.0)
      childprocess (>= 0.2.5)
      multi_json (~> 1.0)
      rubyzip (~> 1.0)
      websocket (~> 1.0.4)
    sequel (4.3.0)
    thread_safe (0.1.3)
      atomic
    time-lord (1.0.1)
    tzinfo (1.1.0)
      thread_safe (~> 0.1)
    unf (0.1.2)
      unf_ext
    unf_ext (0.0.6)
    uuidtools (2.1.4)
    watir-webdriver (0.6.4)
      selenium-webdriver (>= 2.18.0)
    webrobots (0.1.1)
    websocket (1.0.7)

PLATFORMS
  ruby

DEPENDENCIES
  bloat_check
  chronic
  highline
  lingua
  mechanize
  pg
  progress_bar
  rufus-scheduler (= 2.0.24)
  sequel
  time-lord
  uuidtools
  watir-webdriver
