GEM
  remote: https://rubygems.org/
  specs:
    chronic (0.9.1)
    domain_name (0.5.11)
      unf (>= 0.0.5, < 1.0.0)
    fattr (2.2.1)
    highline (1.6.18)
    mechanize (2.6.0)
      domain_name (~> 0.5, >= 0.5.1)
      mime-types (~> 1.17, >= 1.17.2)
      net-http-digest_auth (~> 1.1, >= 1.1.1)
      net-http-persistent (~> 2.5, >= 2.5.2)
      nokogiri (~> 1.4)
      ntlm-http (~> 0.1, >= 0.1.1)
      webrobots (>= 0.0.9, < 0.2)
    mime-types (1.23)
    net-http-digest_auth (1.3)
    net-http-persistent (2.8)
    nokogiri (1.5.9)
    ntlm-http (0.1.1)
    options (2.3.0)
      fattr
    pg (0.15.1)
    progress_bar (1.0.0)
      highline (~> 1.6.1)
      options (~> 2.3.0)
    rufus-scheduler (2.0.18)
      tzinfo (>= 0.3.23)
    time-lord (1.0.1)
    tzinfo (0.3.37)
    unf (0.1.1)
      unf_ext
    unf_ext (0.0.6)
    webrobots (0.1.1)

PLATFORMS
  ruby

DEPENDENCIES
  chronic
  highline
  mechanize
  pg
  progress_bar
  rufus-scheduler
  time-lord
