GEM
  remote: https://rubygems.org/
  specs:
    chronic (0.9.1)
    domain_name (0.5.13)
      unf (>= 0.0.5, < 1.0.0)
    fattr (2.2.1)
    highline (1.6.19)
    http-cookie (1.0.1)
      domain_name (~> 0.5)
    mechanize (2.7.2)
      domain_name (~> 0.5, >= 0.5.1)
      http-cookie (~> 1.0.0)
      mime-types (~> 1.17, >= 1.17.2)
      net-http-digest_auth (~> 1.1, >= 1.1.1)
      net-http-persistent (~> 2.5, >= 2.5.2)
      nokogiri (~> 1.4)
      ntlm-http (~> 0.1, >= 0.1.1)
      webrobots (>= 0.0.9, < 0.2)
    mime-types (1.24)
    mini_portile (0.5.1)
    net-http-digest_auth (1.4)
    net-http-persistent (2.9)
    nokogiri (1.6.0)
      mini_portile (~> 0.5.0)
    ntlm-http (0.1.1)
    options (2.3.0)
      fattr
    pg (0.16.0)
    progress_bar (1.0.0)
      highline (~> 1.6.1)
      options (~> 2.3.0)
    rufus-scheduler (2.0.23)
      tzinfo (>= 0.3.23)
    sequel (4.1.1)
    time-lord (1.0.1)
    tzinfo (1.0.1)
    unf (0.1.2)
      unf_ext
    unf_ext (0.0.6)
    uuidtools (2.1.4)
    webrobots (0.1.1)

PLATFORMS
  ruby

DEPENDENCIES
  chronic
  highline
  mechanize
  pg
  progress_bar
  rufus-scheduler
  sequel
  time-lord
  uuidtools
